gfs 1 1 1000 -1000 0.001 3 1 1 0 64
1 0 
0 
dglp 2 2 8 0 0 4 1 3 1 64
1 "1(lpfilt):LP:lpalg,lpopt,lpfilt:0,lpnupts:0,strtlp:0,lpext:0,strtext:0;2(lpfilt1):LP 1:lpalg1,lpopt1,lpfilt1:0,lpnupts1:0,strtlp1:0,lpext1:0,strtext1:0;3(lpfilt2):LP 2:lpalg2,lpopt2,lpfilt2:0,lpnupts2:0,strtlp2:0,lpext2:0,strtext2:0;4:LP OUTPUT:lpprint(lpfilt):0,lptrace(lpfilt):0,lpprint1(lpfilt1):0,lptrace1(lpfilt1):0,lpprint2(lpfilt2):0,lptrace2(lpfilt2):0;"
0 
bs 7 1 32767 0 1 2 1 0 1 64
1 1 
0 
alock 2 2 8 0 0 2 1 0 1 64
1 "n"
5 "a" "n" "s" "u" "y" 
acqcycles 1 1 9.99999984307e+17 -9.99999984307e+17 0 2 1 0 1 64
1 1 
0 
aHhx 1 1 4095 0 1 2 1 0 1 64
1 2000 
0 
H1reffrq 1 1 9.99999984307e+17 -9.99999984307e+17 0 2 1 0 1 64
1 599.91739398 
0 
Gmap 2 2 8 0 0 2 1 1 1 64
1 "no"
0 
Archive1 2 2 8 0 0 2 1 0 1 64
1 ""
0 
ACQtime 7 1 100000000 0 1 2 1 256 1 64
1 126.220375 
0 
Archive2 2 2 8 0 0 2 1 0 1 64
1 ""
0 
Gmapname 2 2 8 0 0 2 1 1 1 64
1 ""
0 
MinSW 2 2 8 0 0 3 1 0 1 64
1 "off"
4 "off" "auto" "manual" "skip" 
Hseq 4 2 4 0 0 2 1 0 1 64
1 "tppm"
0 
REQexp 2 2 8 0 0 4 1 256 1 64
2 ""
"ignore"
0 
PFGflg 4 2 4 0 0 2 1 0 1 64
1 "n"
0 
aH90 1 1 4095 0 1 2 1 0 1 64
1 2400 
0 
aX90 1 1 4095 0 1 2 1 0 1 64
1 2400 
0 
aHtppm 1 1 4095 0 1 2 1 0 1 64
1 0 
0 
aHspinal 1 1 4095 0 1 2 1 0 1 64
1 2000 
0 
aY90 1 1 4095 0 1 2 1 0 1 64
1 2000 
0 
aXhx 1 1 4095 0 1 2 1 0 1 64
1 2000 
0 
aZ90 1 1 4095 0 1 2 1 0 1 64
1 2000 
0 
adirtmplt 2 2 8 0 0 2 1 0 1 64
1 ""
0 
acqstatus 7 1 32767 0 0 2 1 256 1 64
2 101 0 
0 
acqpath 2 2 8 0 0 2 1 0 1 64
1 ""
0 
acqdim 7 1 32767 0 0 2 1 0 1 64
1 1 
0 
ad 6 1 8192 0 0.0125 2 1 0 1 64
1 4 
0 
actionid 2 2 8 0 0 4 1 0 1 64
1 "null"
0 
adir2tmplt 2 2 8 0 0 2 1 0 1 64
1 ""
0 
alfa 6 1 13 13 13 2 1 8194 1 64
1 19.9999923706 
0 
aig 2 2 2 0 0 4 1 1 1 64
1 "ai"
2 "nm" "ai" 
awc 1 1 1 -1 0.001 3 1 1 0 64
1 0 
0 
arraydscale 4 2 4 0 0 2 1 0 1 64
1 "n"
0 
array 2 2 256 0 0 2 1 1 1 64
1 ""
0 
apptype 2 2 8 0 0 2 1 1 1 64
1 "solidsseq1d"
0 
ap 2 2 1023 0 0 4 1 6 1 64
1 "1:SAMPLE:date,temp:1,srate:1,file;1:ACQUISITION:tn,sfrq:6,tof:1,tpwr:0,sw:1,at:6,np:0,d1:6,nt:0,ct:0,ss:0,rd:1,ad:1,aX90:0,pwX90:1;1(ni):2D ACQUISITION:d2:6,sw1:1,ni:0,phase:0;1:DECOUPLE:dn,dfrq:6,dof:1,dpwr:0,aH90:0,pwH90:1;1(dfrq2>0):DECOUPLE2:dn2,dfrq2:6,dof2:1,dpwr2:0,aY90:0,pwY90:1;1(dfrq3>0):DECOUPLE3:dn3,dfrq3:6,dof3:1,dpwr3:0,aZ90:0,pwZ90:1;1(Hseq='tppm'):TPPM:aHtppm:0,pwHtppm:1,phHtppm:2;1(Hseq='spinal'):SPINAL:aHspinal:0,pwHspinal:1,phHspinal:2;1:PROCESSING:fn:0,phfid:2,rp:2,lp:2,lsfrq(lsfrq):1,lb(lb):1,sb(sb):3,sbs(sb):3,gf(gf):3,gfs(gf):3,lsfid(lsfid):0,wtfile(wtfile);1(ni):2D PROCESSING:fn1:0,phfid1:2,rp1:2,lp1:2,lsfrq1(lsfrq1):1,lb1(lb1):1,sb1(sb1):3,sbs1(sb1):3,gf1(gf1):3,gfs1(gf1):3,lsfid1(lsfid1):0,wtfile1(wtfile1);"
0 
archivedir 2 2 8 0 0 2 1 0 1 64
1 ""
0 
arraydim 7 1 32768 1 1 2 1 1 1 64
1 1 
0 
arraydelta 7 1 32767 0 0 2 1 0 1 64
1 1 
0 
arraydodc 4 2 4 0 0 2 1 0 1 64
1 "n"
0 
arraystart 7 1 32767 0 0 2 1 0 1 64
1 1 
0 
arrayflip 4 2 4 0 0 2 1 0 1 64
1 "n"
0 
arrayelemts 1 1 9.99999984307e+17 -9.99999984307e+17 0 2 1 0 1 64
1 0 
0 
at 1 1 14 14 14 2 1 8203 1 64
1 0.04096 
0 
arraystop 7 1 32767 0 0 2 1 0 1 64
1 8 
0 
avwdir 2 2 8 0 0 3 1 0 1 64
1 ""
0 
axisf 4 2 4 0 0 4 1 0 1 64
1 "s"
4 "m" "n" "s" "u" 
awc1 1 1 1 -1 0.001 3 1 1 0 64
1 0 
0 
axis 4 2 4 0 0 4 1 0 1 64
1 "p"
11 "c" "d" "1" "2" "3" "h" "k" "m" "n" "p" "u" 
bHX 1 1 1000000 0 1e-06 2 1 0 1 64
1 0 
0 
dcrmv 4 2 9.99999984307e+17 -9.99999984307e+17 0 4 1 0 1 64
1 "n"
2 "y" "n" 
cr1 1 1 1000000000 -1000000000 0 4 1 3 1 64
1 0 
0 
console 2 2 8 0 0 2 1 0 1 64
1 "vnmrs"
0 
chHspinal 4 2 4 0 0 2 1 16384 1 64
1 "dec"
0 
cf 7 1 32767 0 1 3 1 1 0 64
1 1 
0 
celem 1 1 9.99999984307e+17 -9.99999984307e+17 0 2 1 0 1 64
1 1 
0 
chHX 4 2 4 0 0 2 1 0 1 64
1 "fr"
0 
clearparams 2 2 8 0 0 2 1 16384 1 64
1 "frHX toHX chHspinal chHtppm"
0 
chHtppm 4 2 4 0 0 2 1 16384 1 64
1 "dec"
0 
comment 2 2 8 0 0 3 1 0 1 64
1 ""
0 
cppauseflg 4 2 4 0 0 4 1 0 1 64
1 "n"
0 
cp 2 2 1 0 0 2 1 0 1 64
1 "y"
2 "y" "n" 
cr 1 1 1000000000 -1000000000 0 4 1 1 1 64
1 343.368378191 
0 
d2 3 1 14 14 14 2 1 8194 1 64
1 0.05 
0 
cutoff 1 1 9.99999984307e+17 -9.99999984307e+17 0 4 1 0 0 64
1 200 
0 
ct 7 1 1000000000 0 1 2 1 2 1 64
1 32000 
0 
crf 1 1 9.99999984307e+17 -9.99999984307e+17 0 4 1 0 1 64
1 0 
0 
customflag 4 2 4 0 0 4 1 0 1 64
1 "n"
0 
d1 3 1 14 14 14 2 1 8194 1 64
1 1 
0 
dataid 2 2 8 0 0 2 1 0 1 64
1 ""
0 
dataProcessed 1 1 9.99999984307e+17 -9.99999984307e+17 0 3 1 0 1 64
1 0 
0 
dHX 1 1 4095 -4095 1 2 1 0 1 64
1 0 
0 
datname 2 2 8 0 0 3 1 0 1 64
1 ""
0 
date 2 2 9 0 0 2 1 1 1 64
1 "Sep  3 2011"
0 
dcg 2 2 3 0 0 4 1 1 1 64
1 ""
2 "dc" "cdc" 
deltaf 1 1 100 0 0 4 1 0 1 64
1 0 
0 
decwave 2 2 8 0 0 2 1 0 1 64
1 "g"
0 
dec2wave 2 2 8 0 0 2 1 0 1 64
1 "g"
0 
ddrtc 6 1 8192 0 0.0125 2 1 0 1 64
1 8 
0 
dec3wave 2 2 8 0 0 2 1 0 1 64
1 "g"
0 
delta1 1 1 5000000 0 0 4 1 3 1 64
1 0 
0 
delta 1 1 5000000 0 0 4 1 1 1 64
1 646.97265625 
0 
dfrq3 1 1 1000000000 0 0 2 1 9 1 64
1 156.3187503 
0 
dfrq2 1 1 1000000000 0 0 2 1 9 1 64
1 564.4235318 
0 
dfrq 5 1 1000000000 -1000000000 0 2 1 8 1 64
1 599.9156867 
0 
dg1 2 2 1023 0 0 4 1 2 1 64
1 "1:DISPLAY:sp:1,wp:1,vs:0;1:REFERENCE:rfl:1,rfp:1,cr:1,delta:1;1:PHASE:lp:1,rp:1,rp1(ni):1,lp1(ni):1;2:CHART:sc:0,wc:0,hzmm:2,vp:0,axis,pltmod,,th:0,,ho:2,vo:2,,trace:2;3(ni):2D:sp1:1,wp1:1,sc2:0,wc2:0,rfl1:1,rfp1:1;3:FLAGS:aig*,dcg*,dmg*;3:FID:sf:3,wf:3,vf:0;4:INTEGRAL:intmod,is:2,ins:3,io:0,,lvl:3,tlt:3;"
0 
dg 2 2 1023 0 0 4 1 2 1 64
1 "1:ACQUISITION:sw:1,at:6,np:0,d1:6,nt:0,ct:0,bs:0,ss:0,rd:1,ad:1,ddrtc:1,rof3(rof3):1,gain:0,temp:0,srate:1;2(Hseq='tppm'):TPPM:aHtppm:0,pwHtppm:1,phHtppm:2;2(Hseq='spinal'):SPINAL:aHspinal:0,pwHspinal:1,phHspinal:2;"
0 
dg2 2 2 8 0 0 4 1 0 1 64
1 "1:OBSERVE:tn,sfrq:6,tof:1,tpwr:0,aX90:0,pwX90:1;2:DECOUPLE:dn,dfrq:6,dof:1,dpwr:0,aH90:0,pwH90:1;3:DECOUPLE2:dn2,dfrq2:6,dof2:1,dpwr2:0,aY90:0,pwY90:1;4:DECOUPLE3:dn3,dfrq3:6,dof3:1,dpwr3:0,aZ90:0,pwZ90:1;"
0 
emailaddr 2 2 8 0 0 4 1 0 1 64
1 ""
0 
dn3 2 2 8 0 0 2 1 8 1 64
1 "Al27"
0 
dmg1 2 2 8 0 0 4 1 0 1 64
1 ""
4 "" "av1" "ph1" "pwr1" 
dm2 4 2 4 0 0 2 1 0 1 64
1 "n"
4 "a" "n" "s" "y" 
disCmd 2 2 8 0 0 4 1 0 1 64
1 "ds"
0 
dhp 1 1 9 9 9 2 1 8192 0 64
1 20 
0 
dgs 2 2 1023 0 0 4 1 6 1 64
5 "1:AXIAL SHIMS:z1:0,z2:0,z3:0,z4:0,z5:0,z6:0,z7:0;"
"2:NON AXIAL SHIMS:x1:0,y1:0,xz:0,yz:0,xy:0,x2y2:0,x3:0,y3:0,xz2:0,yz2:0,zxy:0,zx2y2:0,z3x:0,z3y:0;"
"3:NON AXIAL SHIMS:z2x2y2:0,z2xy:0,zx3:0,zy3:0,z4x:0,z4y:0;"
"4:AUTOMATION:method,wshim,load,,spin:0,gain:0,alock,loc:0;"
"4:SPECIAL:temp;"
0 
dlp 7 1 10 10 10 2 1 8194 0 64
1 20 
0 
displaymode 4 2 9.99999984307e+17 -9.99999984307e+17 0 4 1 0 1 64
1 "r"
0 
dm 4 2 4 0 0 2 1 0 1 64
1 "n"
4 "a" "n" "s" "y" 
dmf3 7 1 2000000 1 0 2 1 2 1 64
1 200 
0 
dmf 7 1 11 11 11 2 1 8194 1 64
1 200 
0 
dm3 4 2 4 0 0 2 1 0 1 64
1 "n"
4 "a" "n" "s" "y" 
dmf2 7 1 2000000 1 0 2 1 2 1 64
1 200 
0 
dmg 2 2 2 0 0 4 1 3 1 64
1 "ph"
0 
dn 2 2 4 0 0 2 1 8 1 64
1 "H1"
0 
dmm2 4 2 4 0 0 2 1 0 1 64
1 "c"
9 "c" "f" "g" "m" "p" "r" "u" "w" "x" 
dmm 4 2 4 0 0 2 1 0 1 64
1 "c"
9 "c" "f" "g" "m" "p" "r" "u" "w" "x" 
dmm3 4 2 4 0 0 2 1 0 1 64
1 "c"
9 "c" "f" "g" "m" "p" "r" "u" "w" "x" 
dn2ref 2 2 8 0 0 4 1 1 1 64
1 ""
0 
dn2 2 2 8 0 0 2 1 8 1 64
1 "F19"
0 
dn2shapes 2 2 8 0 0 2 1 256 1 64
3 ""
""
""
0 
dpwr 1 1 9 9 9 2 1 8194 1 64
1 57 
0 
dof2 5 1 16 16 16 2 1 8202 1 64
1 0 
0 
dnref 2 2 8 0 0 4 1 1 1 64
1 ""
0 
dn3shapes 2 2 8 0 0 2 1 256 1 64
3 ""
""
""
0 
dn3ref 2 2 8 0 0 4 1 1 1 64
1 ""
0 
dn4ref 2 2 8 0 0 4 1 1 1 64
1 ""
0 
dod 3 1 14 14 14 2 1 8194 1 64
1 0.00999999977648 
0 
dnshapes 2 2 8 0 0 2 1 256 1 64
3 ""
""
""
0 
dof 5 1 8 8 8 2 1 8202 1 64
1 -4706.9 
0 
dotflag 2 2 8 0 0 4 1 0 1 64
1 "n"
2 "n" "y" 
dof3 5 1 20 20 20 2 1 8202 1 64
1 0 
0 
dp 2 2 1 0 0 2 1 0 1 64
1 "y"
2 "y" "n" 
dres 7 1 360 1 0 2 1 0 1 64
1 1 
0 
dreffrq2 1 1 9.99999984307e+17 -9.99999984307e+17 0 2 1 0 1 64
1 564.486338683 
0 
dpwr3 1 1 21 21 21 2 1 8194 1 64
1 1 
0 
dpwr2 1 1 18 18 18 2 1 8194 1 64
1 1 
0 
dreffrq 1 1 9.99999984307e+17 -9.99999984307e+17 0 2 1 0 1 64
1 599.91739398 
0 
dreffrq3 1 1 9.99999984307e+17 -9.99999984307e+17 0 2 1 0 1 64
1 156.319629466 
0 
dseq 2 2 8 0 0 2 1 0 1 64
1 ""
0 
dres3 7 1 360 1 0 2 1 0 1 64
1 1 
0 
dres2 7 1 360 1 0 2 1 0 1 64
1 1 
0 
dsSelect 7 1 32767 0 0 4 1 0 1 64
1 1 
0 
dseq3 2 2 8 0 0 2 1 0 1 64
1 ""
0 
dseq2 2 2 8 0 0 2 1 0 1 64
1 ""
0 
file 2 2 6 0 0 2 1 3 1 64
1 "exp"
0 
explist 2 2 8 0 0 2 1 256 1 64
1 ""
0 
execprep 2 2 8 0 0 4 1 0 0 64
1 ""
0 
emessage 4 2 4 0 0 2 1 0 1 64
1 "n"
0 
emailwhen 2 2 8 0 0 2 1 0 1 64
1 ""
0 
execplot 2 2 8 0 0 4 1 0 1 64
1 "solidsseq1d('plot')"
0 
execprocess 2 2 8 0 0 4 1 0 1 64
1 "solidsseq1d('process')"
0 
execprescan 2 2 8 0 0 4 1 0 0 64
1 ""
0 
execsetup 2 2 8 0 0 4 1 0 1 64
1 "solidsseq1d('setup')"
0 
fb 7 1 6 6 6 2 1 8203 1 64
1 2200 
0 
f1SW 2 2 8 0 0 2 1 1 1 64
1 ""
0 
exppath 2 2 8 0 0 2 1 0 1 64
1 "/home/vnmr1/vnmrsys/exp1/acqfil"
0 
f2SW 2 2 8 0 0 2 1 1 1 64
1 ""
0 
fdffile 2 2 8 0 0 3 1 0 1 64
1 ""
0 
fdfdir 2 2 8 0 0 3 1 0 1 64
1 ""
0 
fidid 2 2 8 0 0 2 1 0 1 64
1 ""
0 
ftproc 1 1 9.99999984307e+17 -9.99999984307e+17 0 3 1 256 1 64
2 1 1 
0 
fpmult 1 1 1000000000 0 0 3 1 0 0 64
1 1 
0 
fn 7 1 524288 64 -2 3 1 1 1 64
1 16384 
0 
filter 7 1 1000000000 0 1 2 1 2 1 64
1 54.0999984741 
0 
fn1 7 1 524288 64 -2 3 1 1 1 64
1 1024 
0 
frHX 4 2 4 0 0 2 1 16384 1 64
1 "dec"
0 
fpmult1 1 1 1000000000 0 0 3 2 0 0 64
1 0.5 
0 
gf 1 1 100000 0 0 3 1 1 0 64
1 0.10000000149 
0 
fzoom 7 1 32767 0 0 4 1 0 1 64
1 0 
0 
gain 1 1 60 0 2 2 1 0 1 64
1 4 
0 
gf1 1 1 100000 0 0 3 1 1 0 64
1 1 
0 
rfband 4 2 4 0 0 2 1 0 1 64
1 "cccc"
3 "c" "h" "l" 
parlabel 2 2 8 0 0 2 1 5 1 64
1 ""
0 
lp1 1 1 10000000 -10000000 0.1 4 1 3 1 64
1 0 
0 
liamp 1 1 1000000000 0 0 4 1 0 0 64
3 -0.00104873554528 1.57972759602 -0.000405192375183 
0 
hst 3 1 0.02 0 2.5e-08 2 1 2 1 64
1 0.00800000037998 
0 
ho 1 1 500 -500 0 4 1 1 1 64
1 -31.5178571429 
0 
go_id 2 2 8 0 0 2 1 3 1 64
1 "exp1.vnmr1.nittany_1315105003_242133"
0 
gfs1 1 1 1000 -1000 0.001 3 1 1 0 64
1 0 
0 
go_Options 2 2 8 0 0 2 1 7 1 64
1 "ga"
0 
gxppars 2 2 8 0 0 2 1 0 1 64
1 ""
0 
homo3 4 2 4 0 0 2 1 0 1 64
1 "n"
2 "n" "y" 
homo 2 2 8 0 0 2 1 8 1 64
1 "n"
2 "n" "y" 
homo2 4 2 4 0 0 2 1 0 1 64
1 "n"
2 "n" "y" 
hs 4 2 4 0 0 2 1 0 1 64
1 "nn"
2 "n" "y" 
hsrotor 4 2 4 0 0 2 1 0 1 64
1 "n"
0 
insref 1 1 9.99999984307e+17 -9.99999984307e+17 0 4 1 0 0 64
1 1 
0 
in 4 2 1 0 0 2 1 0 1 64
1 "n"
3 "n" "w" "y" 
ident 2 2 8 0 0 3 1 0 1 64
1 ""
0 
hzmm 1 1 1000000000 -1000000000 0 4 1 11 1 64
1 399.951171875 
0 
il 2 2 1 0 0 2 1 0 1 64
1 "n"
2 "y" "n" 
ins2 1 1 9.99999984307e+17 -9.99999984307e+17 0 4 1 0 1 64
1 1 
0 
ins 3 1 8190 0 1e-07 4 1 3 1 64
1 100 
0 
ins2ref 1 1 9.99999984307e+17 -9.99999984307e+17 0 4 1 0 1 64
1 1 
0 
is 1 1 1000000000 1e-06 0 4 1 3 1 64
1 8102.66278328 
0 
investigator 2 2 8 0 0 4 1 0 1 64
1 ""
0 
intmod 2 2 8 0 0 4 1 0 1 64
1 "off"
3 "off" "partial" "full" 
io 1 1 500 -500 0.1 4 1 1 1 64
1 20 
0 
lb1 1 1 100000 -100000 0 3 1 1 1 64
1 0.318309992552 
0 
lb 1 1 100000 -100000 0 3 1 1 1 64
1 50 
0 
lcpeak_ 7 1 32767 0 0 2 1 32768 1 64
1 0 
0 
locdir 2 2 8 0 0 2 1 0 1 64
1 ""
0 
load 2 2 4 0 0 2 1 3 1 64
1 "n"
2 "y" "n" 
llamp 1 1 1000000000 0 0 4 1 0 0 64
9 4.45069854322e-05 0.000815248407889 -5.58021565666e-05 -3.24493630615e-05 -3.36371740559e-05 0.0872195959091 0.000246019015322 0.00036106701009 4.77767171105e-05 
0 
lifrq 1 1 1000000000 -1000000000 0 4 1 0 0 64
3 95000 5000 0 
0 
llfrq 1 1 1000000000 -1000000000 0 4 1 0 0 64
9 80004.8828125 65026.8554688 64233.3984375 58190.9179688 52697.7539062 50000 48913.5742188 34960.9375 19982.9101562 
0 
loc_ 7 1 12 12 12 2 1 8201 1 64
1 0 
0 
lockpower_ 1 1 68 0 1 2 1 65552 1 64
1 0 
0 
lockgain_ 1 1 48 0 1 2 1 65552 1 64
1 0 
0 
lockfreq_ 5 1 160 0 1e-07 2 1 9 1 64
1 92.0914 
0 
lockphase_ 1 1 360 0 1 2 1 65552 1 64
1 0 
0 
lot 2 2 8 0 0 2 1 0 1 64
1 ""
0 
longlist 2 2 8 0 0 2 1 256 1 64
1 ""
0 
lp 1 1 10000000 -10000000 0.1 4 1 3 1 64
1 36.1204013378 
0 
lvl 1 1 1000000000 -1000000000 0 4 1 1 1 64
1 -3.27037930459e-06 
0 
lpopt1 2 2 8 0 0 3 1 0 1 64
1 "b"
0 
lpfilt 7 1 32767 1 1 3 1 0 1 64
1 32 
0 
lpext 7 1 1000000 0 1 3 1 0 1 64
1 1 
0 
lpalg 2 2 8 0 0 3 1 0 1 64
1 "lpfft"
0 
lpalg1 2 2 8 0 0 3 1 0 1 64
1 "lpfft"
0 
lpext1 7 1 1000000 0 1 3 1 0 1 64
1 1 
0 
lpnupts1 7 1 1000000 1 1 3 1 0 1 64
1 64 
0 
lpfilt1 7 1 32767 1 1 3 1 0 1 64
1 32 
0 
lpnupts 7 1 1000000 1 1 3 1 0 1 64
1 64 
0 
lpopt 2 2 8 0 0 3 1 0 1 64
1 "b"
0 
lptrace1 7 1 32767 0 1 3 1 0 1 64
1 0 
0 
lpprint1 7 1 63 0 1 3 1 0 1 64
1 0 
0 
lpprint 7 1 63 0 1 3 1 0 1 64
1 0 
0 
lptrace 7 1 32767 0 1 3 1 0 1 64
1 0 
0 
lsfrq 1 1 9.99999984307e+17 -9.99999984307e+17 0 3 1 0 0 64
1 0 
0 
lsfid 7 1 64000 -64000 1 3 1 0 0 64
1 0 
0 
lsfrq1 1 1 9.99999984307e+17 -9.99999984307e+17 0 3 1 0 0 64
1 0 
0 
name 2 2 8 0 0 3 1 0 1 64
1 ""
0 
modules 2 2 8 0 0 2 1 1 1 64
1 ""
0 
markerfrq1 1 1 9.99999984307e+17 -9.99999984307e+17 0 2 1 0 1 64
1 0 
0 
marker1 2 2 8 0 0 2 1 0 1 64
1 ""
0 
macro 2 2 6 0 0 3 1 3 1 64
1 "Onepul"
0 
marker2 2 2 8 0 0 2 1 0 1 64
1 ""
0 
math 2 2 1 0 0 3 1 3 1 64
1 "i"
3 "d" "f" "i" 
markerfrq2 1 1 9.99999984307e+17 -9.99999984307e+17 0 2 1 0 1 64
1 0 
0 
method 2 2 6 0 0 2 1 3 1 64
1 "z1z2"
0 
n2 2 2 6 0 0 3 1 3 1 64
1 ""
0 
n1 2 2 6 0 0 3 1 3 1 64
1 ""
0 
n3 2 2 6 0 0 3 1 3 1 64
1 ""
0 
obsSW 2 2 8 0 0 2 1 1 1 64
1 ""
0 
np 7 1 128000 64 64 2 1 11 1 64
1 8192 
0 
newmodules 2 2 8 0 0 2 1 1 1 64
1 ""
0 
nameprefix 2 2 8 0 0 2 1 9 1 64
1 ""
0 
notebook 2 2 8 0 0 2 1 0 1 64
1 ""
0 
nt 7 1 1000000000 1 1 2 1 2 1 64
1 32000 
0 
p1 6 1 13 13 13 2 1 8194 1 64
1 0 
0 
ofHX 5 1 1000000000 -1000000000 0 2 1 0 1 64
1 0 
0 
operator_ 2 2 128 0 0 2 1 4 1 64
1 "vnmr1"
0 
page 2 2 8 0 0 2 1 0 1 64
1 ""
0 
pad 3 1 14 14 14 2 1 8194 1 64
1 0.5 
0 
paramChanged 1 1 9.99999984307e+17 -9.99999984307e+17 0 2 1 0 1 64
1 0 
0 
pw 6 1 13 13 13 2 1 8194 1 64
1 2 
0 
pplvl_cf 1 1 9.99999984307e+17 -9.99999984307e+17 0 2 1 0 1 64
1 1 
0 
plocklist 2 2 8 0 0 2 1 1 1 64
1 ""
0 
phHtppm 1 1 180 -180 0.0438 2 1 0 1 64
1 0 
0 
parversion 1 1 9.99999984307e+17 -9.99999984307e+17 0 2 1 0 1 64
1 5.1 
0 
parstyle_ 2 2 8 0 0 4 1 0 1 64
1 "ppa"
0 
phHspinal 1 1 180 -180 0.0438 2 1 0 1 64
1 9.9864 
0 
phfid1 1 1 3600 -3600 0.1 3 1 0 0 64
1 0 
0 
phfid 1 1 3600 -3600 0.1 3 1 0 0 64
1 0 
0 
pkpick_ 2 2 8 0 0 4 1 0 1 64
1 ""
0 
position1 2 2 8 0 0 3 1 0 1 64
1 ""
0 
pltopt 4 2 4 0 0 2 1 0 1 64
1 "y"
0 
pltmod 2 2 8 0 0 4 1 0 1 64
1 "off"
5 "off" "fixed" "full" "variable" "user" 
pmode 2 2 8 0 0 3 1 0 1 64
1 "partial"
0 
pp 6 1 13 13 13 2 1 8192 1 64
1 15 
0 
position2 2 2 8 0 0 3 1 0 1 64
1 ""
0 
pplvl 1 1 63 -16 1 2 1 0 1 64
1 55 
0 
proc 2 2 10 0 0 3 1 1 1 64
1 "ft"
0 
priority 7 1 32768 0 1 2 1 0 1 64
1 5 
0 
prescan 2 2 8 0 0 3 1 256 1 64
11 "Not done"
"Not done"
"off"
"off"
"off"
"off"
"off"
"on"
"on"
""
""
0 
prcopt 4 2 4 0 0 2 1 0 1 64
1 "y"
0 
probeid_updating 7 1 32767 0 0 2 1 0 1 64
1 0 
0 
probe_ 2 2 8 0 0 2 1 8 1 64
1 "3.2_MM_NB"
0 
probetype_ 2 2 8 0 0 2 1 1 1 64
1 "liquids"
0 
processid 1 1 9.99999984307e+17 -9.99999984307e+17 0 2 1 0 1 64
1 0 
0 
proccmd 2 2 8 0 0 3 1 3 1 64
1 "wft"
0 
proc1 2 2 10 0 0 3 2 1 1 64
1 "ft"
0 
procdim 7 1 32767 0 0 3 1 0 1 64
1 1 
0 
pslabel 2 2 8 0 0 2 1 11 1 64
1 "onepul"
0 
protocols 2 2 8 0 0 3 1 0 1 64
1 ""
0 
r3 1 1 1e+18 -1e+18 0 3 1 1 1 64
1 0 
0 
pwx 6 1 13 13 13 2 1 8192 1 64
1 15 
0 
pwHtppm 6 1 8192 0 0.0125 2 1 0 1 64
1 0 
0 
pwH90 6 1 8192 0 0.0125 2 1 0 1 64
1 3.5 
0 
pw90 6 1 13 13 13 2 1 8194 1 64
1 19.9999866486 
0 
pwHspinal 6 1 8192 0 0.0125 2 1 0 1 64
1 8 
0 
pwY90 6 1 8192 0 0.0125 2 1 0 1 64
1 4 
0 
pwX90 6 1 8192 0 0.0125 2 1 0 1 64
1 0.3 
0 
pwZ90 6 1 8192 0 0.0125 2 1 0 1 64
1 4 
0 
pwxlvl 1 1 63 -16 1 2 1 0 1 64
1 55 
0 
pwx2lvl 1 1 63 -16 1 2 1 0 1 64
1 55 
0 
pwx2 6 1 13 13 13 2 1 8192 1 64
1 15 
0 
pwx2lvl_cf 1 1 9.99999984307e+17 -9.99999984307e+17 0 2 1 0 1 64
1 1 
0 
r1 1 1 1e+18 -1e+18 0 3 1 1 1 64
1 0 
0 
pwxlvl_cf 1 1 9.99999984307e+17 -9.99999984307e+17 0 2 1 0 1 64
1 1 
0 
r2 1 1 1e+18 -1e+18 0 3 1 1 1 64
1 0 
0 
rd 6 1 8192 0 0.0125 2 1 0 1 64
1 4 
0 
r6 1 1 1e+18 -1e+18 0 3 1 1 1 64
1 -31232.5406515 
0 
r5 1 1 1e+18 -1e+18 0 3 1 1 1 64
1 0 
0 
r4 1 1 1e+18 -1e+18 0 3 1 1 1 64
1 0 
0 
r7 1 1 1e+18 -1e+18 0 3 1 1 1 64
1 0 
0 
reffrq1 1 1 9.99999984307e+17 -9.99999984307e+17 0 2 1 0 1 64
1 599.91739398 
0 
ref1 5 1 1000000000 -1000000000 0 3 5 0 1 64
1 0 
0 
ref 5 1 1000000000 -1000000000 0 3 4 0 1 64
1 0 
0 
reffrq 1 1 9.99999984307e+17 -9.99999984307e+17 0 4 1 0 1 64
1 158.689884266 
0 
reffrq3 1 1 9.99999984307e+17 -9.99999984307e+17 0 2 1 0 1 64
1 156.319629466 
0 
reffrq2 1 1 9.99999984307e+17 -9.99999984307e+17 0 2 1 0 1 64
1 564.486338683 
0 
refpos 1 1 9.99999984307e+17 -9.99999984307e+17 0 4 1 0 1 64
1 335.12758705 
0 
vjdialog 2 2 8 0 0 4 1 256 1 64
1 ""
0 
svfopt 4 2 4 0 0 2 1 0 1 64
1 "y"
0 
sf1 1 1 9.99999984307e+17 -9.99999984307e+17 0 4 1 0 1 64
1 0 
0 
satfrq 5 1 1000000000 -1000000000 0 2 1 0 1 64
1 0 
0 
rof2 6 1 13 13 13 2 1 8194 1 64
1 9.9999961853 
0 
rfp 1 1 1000000000 -1000000000 0 4 1 1 1 64
1 0 
0 
rfl1 1 1 1000000000 -1000000000 0 4 1 1 1 64
1 0 
0 
rfl 1 1 1000000000 -1000000000 0 4 1 1 1 64
1 49998.9658238 
0 
rof1 6 1 13 13 13 2 1 8194 1 64
1 9.9999961853 
0 
rfp1 1 1 1000000000 -1000000000 0 4 1 1 1 64
1 0 
0 
sample 2 2 8 0 0 2 1 1 1 64
1 ""
0 
rp1 1 1 10000000 -10000000 0.1 4 1 3 1 64
1 0 
0 
rp 1 1 10000000 -10000000 0.1 4 1 3 1 64
1 155.579798026 
0 
rripar 7 1 32767 0 0 3 1 0 1 64
3 1 0 0 
0 
sampleowner 2 2 8 0 0 2 1 0 1 64
1 ""
0 
samplename 2 2 8 0 0 2 1 8 1 64
1 ""
0 
satdly 3 1 14 14 14 2 1 8192 1 64
1 0 
0 
sbs1 1 1 1000 -1000 0.001 3 1 1 0 64
1 0 
0 
saveshapes 2 2 8 0 0 2 1 256 1 64
1 ""
0 
satpwr 1 1 63 -16 1 2 1 0 1 64
1 0 
0 
satmode 4 2 4 0 0 2 1 0 1 64
1 "n"
0 
saveglobal_ 2 2 8 0 0 3 1 0 1 64
19 "probe"
"lcpeak"
"loc"
"lockpower"
"lockgain"
"lockphase"
"lockfreq"
"z0"
"lkof"
"vloc"
"vrack"
"vzone"
"vproto"
"pkpick"
"parstyle"
"operator"
"studyid"
"systemname"
"probetype"
0 
sb1 1 1 1000 -1000 0.001 3 1 1 0 64
1 0 
0 
sb 1 1 1000 -1000 0.001 3 1 0 0 64
1 0 
0 
sbs 1 1 1000 -1000 0.001 3 1 1 0 64
1 0 
0 
scans 2 2 8 0 0 3 1 0 1 64
1 ""
0 
sc2 1 1 3 3 3 4 1 8195 1 64
1 0 
0 
sc 1 1 1 1 1 4 1 8195 1 64
1 0 
0 
seqfil 2 2 8 0 0 2 1 11 1 64
1 "onepul"
0 
sdirtmplt 2 2 8 0 0 2 1 0 1 64
1 ""
0 
sf 1 1 8190 0 1e-07 4 1 3 1 64
1 0 
0 
spin 1 1 25000 0 1 2 1 0 0 64
1 0 
0 
shownumstyle 2 2 8 0 0 2 1 0 1 64
1 "auto"
0 
shims 2 2 1023 0 0 2 1 0 1 64
1 "Zero"
0 
shHX 4 2 4 0 0 2 1 0 1 64
1 "c"
0 
sfrq 1 1 1000000000 0 0 2 1 11 1 64
1 158.6898853 
0 
showcontent 2 2 8 0 0 2 1 0 1 64
1 "s"
0 
showarray 2 2 8 0 0 2 1 0 1 64
1 "horiz"
0 
shownumbers 2 2 8 0 0 2 1 0 1 64
1 "v"
0 
sn 1 1 1e+18 -1e+18 0 3 1 1 1 64
1 0 
0 
shownumy 1 1 9.99999984307e+17 -9.99999984307e+17 0 2 1 0 1 64
1 0 
0 
shownumx 1 1 9.99999984307e+17 -9.99999984307e+17 0 2 1 0 1 64
1 0 
0 
sp 1 1 1000000000 -1000000000 0 4 1 3 1 64
1 -49986.7587926 
0 
solvent 2 2 6 0 0 2 1 11 1 64
1 "d2o"
0 
sp1 1 1 1000000000 -1000000000 0 4 1 3 1 64
1 649.999938965 
0 
strtlp 7 1 1000000 1 1 3 1 0 1 64
1 2 
0 
sspul 4 2 4 0 0 2 1 0 1 64
1 "n"
0 
sreffrq 1 1 9.99999984307e+17 -9.99999984307e+17 0 2 1 0 1 64
1 158.689549138 
0 
srate 7 1 32767 0 1 2 1 1 1 64
1 25 
0 
ss 7 1 32767 -32768 0 2 1 0 1 64
1 0 
0 
strtext 7 1 1000000 1 1 3 1 0 1 64
1 1 
0 
strtext1 7 1 1000000 1 1 3 1 0 1 64
1 1 
0 
study 2 2 8 0 0 3 1 0 1 64
1 ""
0 
strtpar 2 2 8 0 0 2 1 0 1 64
1 ""
0 
strtlp1 7 1 1000000 1 1 3 1 0 1 64
1 2 
0 
studyowner 2 2 8 0 0 2 1 0 1 64
1 "vnmr1"
0 
studyid_ 2 2 8 0 0 2 1 0 1 64
1 "tmpstudy"
0 
studystatus 2 2 8 0 0 2 1 0 1 64
1 ""
0 
time_svfdate 2 2 8 0 0 2 1 0 1 64
1 "20110903T195643"
0 
time_complete 2 2 8 0 0 4 1 0 1 64
1 "20110904T051155"
0 
tHX 6 1 50000 0 0.0125 2 1 0 1 64
1 2000 
0 
sw 1 1 5 5 5 2 1 8203 1 64
1 100000 
0 
svftmplt 2 2 8 0 0 2 1 0 1 64
1 ""
0 
systemname_ 2 2 8 0 0 2 1 0 1 64
1 "nittany-vnmrs600"
0 
text_string 2 2 8 0 0 4 1 256 1 64
1 ""
0 
temp 1 1 200 -150 0.1 2 1 8 0 64
1 29 
0 
th 1 1 1000000000 0 0 4 1 1 1 64
1 0.0655763087567 
0 
time_run 2 2 8 0 0 2 1 0 1 64
1 "20110903T195643"
0 
time_plotted 2 2 8 0 0 3 1 0 1 64
1 ""
0 
time_exp 2 2 8 0 0 2 1 0 1 64
1 "6 sec"
0 
time_processed 2 2 8 0 0 3 1 0 1 64
1 "20110904T101508"
0 
time_submitted 2 2 8 0 0 2 1 0 1 64
1 "20110903T195643"
0 
time_saved 2 2 8 0 0 4 1 0 1 64
1 "20110904T101605"
0 
time_submitted_local 2 2 8 0 0 2 1 0 1 64
1 "20110903T195643X07PMSatSep"
0 
toHX 4 2 4 0 0 2 1 16384 1 64
1 "obs"
0 
tnref 2 2 8 0 0 4 1 1 1 64
1 ""
0 
tlt 1 1 1000000000 -1000000000 0 4 1 1 1 64
1 -3.73318809017e-07 
0 
tin 2 2 1 0 0 2 1 2 1 64
1 "n"
3 "n" "w" "y" 
tn 2 2 4 0 0 2 1 8 1 64
1 "Na23"
0 
tnshapes 2 2 8 0 0 2 1 256 1 64
3 ""
""
""
0 
trace 2 2 2 0 0 4 1 3 1 64
1 "f1"
2 "f1" "f2" 
tpwr 1 1 17 17 17 2 1 8194 1 64
1 44 
0 
tof 5 1 7 7 7 2 1 8202 1 64
1 -6854.5 
0 
tpwr_cf 1 1 9.99999984307e+17 -9.99999984307e+17 0 2 1 0 1 64
1 1 
0 
username 2 2 8 0 0 2 1 0 1 64
1 "vnmr1"
0 
tunemethod 2 2 8 0 0 2 1 0 1 64
1 "n"
0 
vf 1 1 1000000000 0 0 4 1 3 1 64
1 538.285 
0 
z1 7 1 19 19 19 2 1 8192 1 64
1 -1890 
0 
wtfile 2 2 15 0 0 3 1 1 1 64
1 ""
0 
wbs 2 2 6 0 0 3 1 3 1 64
1 ""
0 
vrack_ 7 1 5 1 0 2 1 0 1 64
1 1 
0 
vp 7 1 500 -500 0.1 4 1 3 1 64
1 0 
0 
vloc_ 2 2 8 0 0 2 1 8 1 64
1 "A0"
0 
vjdialogarg 2 2 8 0 0 4 1 256 1 64
1 ""
0 
vo 1 1 500 -500 0 4 1 1 1 64
1 0 
0 
vpfi 1 1 500 -500 0 4 1 0 1 64
1 0 
0 
vpf 1 1 500 -500 0 4 1 0 1 64
1 0 
0 
vproto_ 2 2 8 0 0 2 1 0 1 64
1 ""
0 
vsproj 1 1 1000000000 1e-06 0 4 1 3 1 64
1 200 
0 
vs2d 1 1 1000000000 1e-06 0 4 1 3 1 64
1 200 
0 
vs 1 1 1000000000 1e-06 0 4 1 3 1 64
1 9999910 
0 
vtwait 3 1 14 14 14 2 1 8194 1 64
1 300 
0 
vtc 1 1 255 0 1 2 1 2 1 64
1 25 
0 
vzone_ 7 1 15 1 0 2 1 0 1 64
1 1 
0 
wf1 1 1 9.99999984307e+17 -9.99999984307e+17 0 4 1 0 1 64
1 3.74399805069 
0 
wds 2 2 8 0 0 3 1 0 1 64
1 ""
0 
wc2 1 1 4 4 4 4 1 8195 1 64
1 142 
0 
wc 1 1 2 2 2 4 1 8203 1 64
1 250 
0 
wdone 2 2 8 0 0 3 1 0 1 64
1 ""
0 
wexp 2 2 6 0 0 3 1 3 1 64
1 "runcalib('wexp')"
0 
werr 2 2 6 0 0 3 1 3 1 64
1 ""
0 
wf 1 1 8190 0 1e-07 4 1 3 1 64
1 0.0288 
0 
wqinit 2 2 8 0 0 4 1 0 1 64
1 ""
0 
wp 1 1 5000000 0 0 4 1 11 1 64
1 99987.7929688 
0 
wnt 2 2 6 0 0 3 1 3 1 64
1 "processmap"
0 
wp1 1 1 100000 0 0 4 1 3 1 64
1 49.9999961853 
0 
wshim 4 2 4 0 0 2 1 1 1 64
1 "n"
15 "e" "f" "g" "n" "s" "0" "1" "2" "3" "4" "5" "6" "7" "8" "9" 
wrtp 2 2 8 0 0 3 1 0 1 64
1 ""
0 
wstart 2 2 8 0 0 3 1 0 1 64
1 ""
0 
xz 7 1 19 19 19 2 1 8192 1 64
1 -5405 
0 
x2y2 7 1 19 19 19 2 1 8192 1 64
1 -384 
0 
wtune 4 2 4 0 0 2 1 0 1 64
1 "n"
11 "s" "t" "e" "i" "n" "o" "v" "1" "2" "3" "4" 
wtfile1 2 2 15 0 0 3 2 1 1 64
1 ""
0 
x1 7 1 19 19 19 2 1 8192 1 64
1 3598 
0 
x4 7 1 19 19 19 2 1 8192 1 64
1 0 
0 
x3 7 1 19 19 19 2 1 8192 1 64
1 -7215 
0 
xy 7 1 19 19 19 2 1 8192 1 64
1 1785 
0 
y4 7 1 19 19 19 2 1 8192 1 64
1 0 
0 
y1 7 1 19 19 19 2 1 8192 1 64
1 -817 
0 
xz2 7 1 19 19 19 2 1 8192 1 64
1 60 
0 
y3 7 1 19 19 19 2 1 8192 1 64
1 -2640 
0 
yz2 7 1 19 19 19 2 1 8192 1 64
1 16713 
0 
yz 7 1 19 19 19 2 1 8192 1 64
1 1236 
0 
z0_ 1 1 19 19 19 2 1 73744 1 64
1 0 
0 
z3y3 7 1 19 19 19 2 1 8192 1 64
1 0 
0 
z3 7 1 19 19 19 2 1 8192 1 64
1 -1302 
0 
z2x2y2 7 1 19 19 19 2 1 8192 1 64
1 1782 
0 
z2 7 1 19 19 19 2 1 8192 1 64
1 -7785 
0 
z1c 7 1 19 19 19 2 1 8192 1 64
1 0 
0 
z2c 7 1 19 19 19 2 1 8192 1 64
1 0 
0 
z2xy 7 1 19 19 19 2 1 8192 1 64
1 2054 
0 
z2x3 7 1 19 19 19 2 1 8192 1 64
1 0 
0 
z2y3 7 1 19 19 19 2 1 8192 1 64
1 0 
0 
z3x3 7 1 19 19 19 2 1 8192 1 64
1 0 
0 
z3x 7 1 19 19 19 2 1 8192 1 64
1 -2370 
0 
z3c 7 1 19 19 19 2 1 8192 1 64
1 0 
0 
z3x2y2 7 1 19 19 19 2 1 8192 1 64
1 0 
0 
z3y 7 1 19 19 19 2 1 8192 1 64
1 -971 
0 
z3xy 7 1 19 19 19 2 1 8192 1 64
1 0 
0 
z5x 7 1 19 19 19 2 1 8192 1 64
1 0 
0 
z4x2y2 7 1 19 19 19 2 1 8192 1 64
1 0 
0 
z4c 7 1 19 19 19 2 1 8192 1 64
1 0 
0 
z4 7 1 19 19 19 2 1 8192 1 64
1 -579 
0 
z4x 7 1 19 19 19 2 1 8192 1 64
1 -6469 
0 
z4y 7 1 19 19 19 2 1 8192 1 64
1 -3455 
0 
z4xy 7 1 19 19 19 2 1 8192 1 64
1 0 
0 
z5 7 1 19 19 19 2 1 8192 1 64
1 281 
0 
z8 7 1 19 19 19 2 1 8192 1 64
1 0 
0 
z6 7 1 19 19 19 2 1 8192 1 64
1 399 
0 
z5y 7 1 19 19 19 2 1 8192 1 64
1 0 
0 
z7 7 1 19 19 19 2 1 8192 1 64
1 0 
0 
zx2y2 7 1 19 19 19 2 1 8192 1 64
1 -8917 
0 
zoom 7 1 32767 0 0 4 1 0 1 64
1 0 
0 
zxy 7 1 19 19 19 2 1 8192 1 64
1 1010 
0 
zx3 7 1 19 19 19 2 1 8192 1 64
1 0 
0 
zy3 7 1 19 19 19 2 1 8192 1 64
1 0 
0 
